GEM
  remote: https://rubygems.org/
  specs:
    rake (12.3.0)
    rake-compiler (1.0.4)
      rake
    rkerberos (0.1.5)
      rake-compiler

PLATFORMS
  ruby

DEPENDENCIES
  rake-compiler!
  rkerberos!

BUNDLED WITH
   1.15.1
